GEM
  remote: http://rubygems.org/
  specs:
    addressable (2.3.5)
    audite (0.3.0)
    cookiejar (0.3.0)
    crypt19-rb (1.2.2)
    daemons (1.1.9)
    em-http-request (1.0.3)
      addressable (>= 2.2.3)
      cookiejar
      em-socksify
      eventmachine (>= 1.0.0.beta.4)
      http_parser.rb (>= 0.5.3)
    em-socksify (0.3.0)
      eventmachine (>= 1.0.0.beta.4)
    em-websocket (0.5.0)
      eventmachine (>= 0.12.9)
      http_parser.rb (~> 0.5.3)
    eventmachine (1.0.3)
    faraday (0.9.0)
      multipart-post (>= 1.2, < 3)
    http_parser.rb (0.5.3)
    multipart-post (2.0.0)
    nokogiri (1.5.11)
    pandora_client (0.1.3)
      crypt19-rb (~> 1.2.1)
      faraday (~> 0.8)
      nokogiri (~> 1.5.2)
    rack (1.5.2)
    rack-protection (1.5.2)
      rack
    sinatra (1.4.4)
      rack (~> 1.4)
      rack-protection (~> 1.4)
      tilt (~> 1.3, >= 1.3.4)
    thin (1.6.1)
      daemons (>= 1.0.9)
      eventmachine (>= 1.0.0)
      rack (>= 1.0.0)
    tilt (1.4.1)
    yajl-ruby (1.2.0)

PLATFORMS
  ruby

DEPENDENCIES
  audite (= 0.3.0)
  em-http-request (= 1.0.3)
  em-websocket (= 0.5.0)
  pandora_client (= 0.1.3)
  sinatra (= 1.4.4)
  thin (= 1.6.1)
  yajl-ruby (= 1.2.0)
